PATH
  remote: .
  specs:
    card_connect_gateway (0.1.13)
      rest_client

GEM
  remote: http://rubygems.org/
  specs:
    diff-lcs (1.2.5)
    netrc (0.7.9)
    rake (10.4.2)
    rest_client (1.8.2)
      netrc (~> 0.7.7)
    rspec (3.1.0)
      rspec-core (~> 3.1.0)
      rspec-expectations (~> 3.1.0)
      rspec-mocks (~> 3.1.0)
    rspec-core (3.1.7)
      rspec-support (~> 3.1.0)
    rspec-expectations (3.1.2)
      diff-lcs (>= 1.2.0, < 2.0)
      rspec-support (~> 3.1.0)
    rspec-mocks (3.1.3)
      rspec-support (~> 3.1.0)
    rspec-support (3.1.2)

PLATFORMS
  ruby

DEPENDENCIES
  card_connect_gateway!
  rake
  rspec
